PATH
  remote: .
  specs:
    swagger_engine (0.0.3)

GEM
  remote: https://rubygems.org/
  specs:

PLATFORMS
  ruby

DEPENDENCIES
  swagger_engine!

BUNDLED WITH
   1.11.2
